GEM
  remote: https://rubygems.org/
  specs:
    activesupport (4.1.7)
      i18n (~> 0.6, >= 0.6.9)
      json (~> 1.7, >= 1.7.7)
      minitest (~> 5.1)
      thread_safe (~> 0.1)
      tzinfo (~> 1.1)
    cache (0.4.0)
    celluloid (0.16.0)
      timers (~> 4.0.0)
    celluloid-io (0.16.1)
      celluloid (>= 0.16.0)
      nio4r (>= 1.0.0)
    concurrent-ruby (0.7.0)
    encrypted_strings (0.3.3)
    hitimes (1.2.2)
    i18n (0.6.11)
    json (1.8.1)
    lazy_records (0.0.2)
      encrypted_strings
      lock_method
      mysql2
      totally_lazy
    lock_method (0.5.5)
      activesupport
      cache (>= 0.2.1)
    minitest (5.4.2)
    mysql2 (0.3.16)
    nio4r (1.0.1)
    term-ansicolor (1.3.0)
      tins (~> 1.0)
    thread_safe (0.3.4)
    timers (4.0.1)
      hitimes
    tins (1.3.1)
    totally_lazy (0.0.7)
    tzinfo (1.2.2)
      thread_safe (~> 0.1)

PLATFORMS
  ruby

DEPENDENCIES
  celluloid-io
  concurrent-ruby
  lazy_records
  term-ansicolor
  totally_lazy
